{
	"Modality": "MR",
	"MagneticFieldStrength": 3,
	"ImagingFrequency": 123.261,
	"Manufacturer": "Siemens",
	"ManufacturersModelName": "TrioTim",
	"InstitutionName": "Yale_MRRC",
	"InstitutionalDepartmentName": "Department",
	"InstitutionAddress": "Cedar_Street_333_New_Haven_Connecticut_US_06510",
	"DeviceSerialNumber": "35407",
	"StationName": "MRC35407",
	"PatientPosition": "HFS",
	"ProcedureStepDescription": "MRRC_Research_SiteProtocols",
	"SoftwareVersions": "syngo_MR_B17",
	"MRAcquisitionType": "2D",
	"SeriesDescription": "ep2d_bold_176",
	"ProtocolName": "ep2d_bold_176",
	"ScanningSequence": "EP",
	"SequenceVariant": "SK",
	"ScanOptions": "FS",
	"SequenceName": "epfid2d1_72",
	"ImageType": ["ORIGINAL", "PRIMARY", "M", "ND", "NORM", "MOSAIC"],
	"SeriesNumber": 7,
	"AcquisitionTime": "10:34:24.832500",
	"AcquisitionNumber": 1,
	"SliceThickness": 3,
	"SpacingBetweenSlices": 3,
	"SAR": 0.128212,
	"EchoTime": 0.03,
	"RepetitionTime": 2.5,
	"FlipAngle": 80,
	"PartialFourier": 1,
	"BaseResolution": 72,
	"ShimSetting": [
		-3285,
		6110,
		687,
		630,
		-117,
		-289,
		143,
		19	],
	"TxRefAmp": 315.257,
	"PhaseResolution": 1,
	"ReceiveCoilName": "32Ch_Head",
	"CoilString": "C:HEA;HEP",
	"PulseSequenceDetails": "%CustomerSeq%_wip_ep2d_bold_noskip",
	"PercentPhaseFOV": 100,
	"PhaseEncodingSteps": 72,
	"AcquisitionMatrixPE": 72,
	"ReconMatrixPE": 72,
	"BandwidthPerPixelPhaseEncode": 27.233,
	"EffectiveEchoSpacing": 0.000510002,
	"DerivedVendorReportedEchoSpacing": 0.000510002,
	"TotalReadoutTime": 0.0362102,
	"PixelBandwidth": 2240,
	"DwellTime": 3.1e-06,
	"PhaseEncodingDirection": "j-",
	"SliceTiming": [
		1.255,
		0,
		1.32,
		0.065,
		1.3875,
		0.1325,
		1.4525,
		0.1975,
		1.5175,
		0.2625,
		1.585,
		0.33,
		1.65,
		0.395,
		1.7175,
		0.4625,
		1.7825,
		0.5275,
		1.8475,
		0.595,
		1.915,
		0.66,
		1.98,
		0.725,
		2.0475,
		0.7925,
		2.1125,
		0.8575,
		2.18,
		0.925,
		2.245,
		0.99,
		2.31,
		1.055,
		2.3775,
		1.1225,
		2.4425,
		1.1875	],
	"ImageOrientationPatientDICOM": [
		1,
		0,
		0,
		0,
		0.999945,
		0.0104718	],
	"InPlanePhaseEncodingDirectionDICOM": "COL",
	"ConversionSoftware": "dcm2niix",
	"ConversionSoftwareVersion": "v1.0.20190902"
}
