{
	"Modality": "MR",
	"MagneticFieldStrength": 3,
	"ImagingFrequency": 123.261,
	"Manufacturer": "Siemens",
	"ManufacturersModelName": "TrioTim",
	"InstitutionName": "Yale_MRRC",
	"InstitutionalDepartmentName": "Department",
	"InstitutionAddress": "Cedar_Street_333_New_Haven_Connecticut_US_06510",
	"DeviceSerialNumber": "35407",
	"StationName": "MRC35407",
	"PatientPosition": "HFS",
	"ProcedureStepDescription": "MRRC_Research_SiteProtocols",
	"SoftwareVersions": "syngo_MR_B17",
	"MRAcquisitionType": "2D",
	"SeriesDescription": "Ax_t1_flash_38",
	"ProtocolName": "Ax_t1_flash_38",
	"ScanningSequence": "GR",
	"SequenceVariant": "SP",
	"SequenceName": "_fl2d1",
	"ImageType": ["ORIGINAL", "PRIMARY", "M", "ND", "NORM"],
	"SeriesNumber": 3,
	"AcquisitionTime": "10:09:41.880000",
	"AcquisitionNumber": 1,
	"SliceThickness": 3,
	"SpacingBetweenSlices": 3,
	"SAR": 0.567422,
	"NumberOfAverages": 2,
	"EchoTime": 0.00246,
	"RepetitionTime": 0.25,
	"FlipAngle": 60,
	"PartialFourier": 1,
	"BaseResolution": 256,
	"ShimSetting": [
		-3279,
		6203,
		331,
		0,
		-52,
		-54,
		-62,
		42	],
	"TxRefAmp": 315.257,
	"PhaseResolution": 1,
	"ReceiveCoilName": "32Ch_Head",
	"CoilString": "C:HEA;HEP",
	"PulseSequenceDetails": "%SiemensSeq%_gre",
	"MultibandAccelerationFactor": 2,
	"PercentPhaseFOV": 100,
	"PhaseEncodingSteps": 256,
	"AcquisitionMatrixPE": 256,
	"ReconMatrixPE": 256,
	"PixelBandwidth": 310,
	"DwellTime": 6.3e-06,
	"PhaseEncodingDirection": "j-",
	"SliceTiming": [
		0.125,
		0,
		0.125,
		0,
		0.13281,
		0.00781,
		0.14062,
		0.01562,
		0.14844,
		0.02344,
		0.15625,
		0.03125,
		0.16406,
		0.03125,
		0.16406,
		0.03906,
		0.17188,
		0.04688,
		0.17969,
		0.05469,
		0.1875,
		0.0625,
		0.19531,
		0.07031,
		0.20312,
		0.07812,
		0.21094,
		0.08594,
		0.21094,
		0.08594,
		0.21875,
		0.09375,
		0.22656,
		0.10156,
		0.23438,
		0.10938,
		0.24219,
		0.11719	],
	"ImageOrientationPatientDICOM": [
		1,
		0,
		0,
		0,
		0.999945,
		0.0104718	],
	"InPlanePhaseEncodingDirectionDICOM": "COL",
	"ConversionSoftware": "dcm2niix",
	"ConversionSoftwareVersion": "v1.0.20190902"
}
